PATH
  remote: .
  specs:
    fractional_indexing (0.1.2)

GEM
  remote: https://rubygems.org/
  specs:
    minitest (5.18.0)
    rake (13.0.6)

PLATFORMS
  x86_64-darwin-20
  x86_64-linux

DEPENDENCIES
  fractional_indexing!
  minitest (~> 5.0)
  rake (~> 13.0)

BUNDLED WITH
   2.4.6
